GEM
  remote: http://rubygems.org/
  specs:
    addressable (2.2.6)
    coderay (0.9.8)
    diff-lcs (1.1.3)
    git (1.2.5)
    hashie (1.2.0)
    jeweler (1.6.4)
      bundler (~> 1.0)
      git (>= 1.2.5)
      rake
    json (1.6.4)
    method_source (0.6.7)
      ruby_parser (>= 2.3.1)
    nokogiri (1.5.0)
    pry (0.9.7.4)
      coderay (~> 0.9.8)
      method_source (~> 0.6.7)
      ruby_parser (>= 2.3.1)
      slop (~> 2.1.0)
    rake (0.9.2.2)
    rcov (0.9.11)
    rdoc (3.12)
      json (~> 1.4)
    rspec (2.3.0)
      rspec-core (~> 2.3.0)
      rspec-expectations (~> 2.3.0)
      rspec-mocks (~> 2.3.0)
    rspec-core (2.3.1)
    rspec-expectations (2.3.0)
      diff-lcs (~> 1.1.2)
    rspec-mocks (2.3.0)
    ruby_parser (2.3.1)
      sexp_processor (~> 3.0)
    sexp_processor (3.0.9)
    slop (2.1.0)

PLATFORMS
  ruby

DEPENDENCIES
  addressable
  bundler (= 1.1.rc)
  hashie
  jeweler
  nokogiri
  pry
  rcov
  rdoc
  rspec
